GEM
  remote: http://rubygems.org/
  specs:
    eventmachine (0.12.10)
    minitest (2.1.0)

PLATFORMS
  ruby

DEPENDENCIES
  eventmachine
  minitest
